GEM
  remote: https://rubygems.org/
  specs:
    rake (11.3.0)
    sass (3.4.22)
    scss_lint (0.52.0)
      rake (>= 0.9, < 13)
      sass (~> 3.4.20)

PLATFORMS
  ruby

DEPENDENCIES
  scss_lint

BUNDLED WITH
   1.13.7
